GEM
  remote: https://rubygems.org/
  specs:
    rack (1.6.4)
    sass (3.4.22)
    sinatra (1.1.0)
      rack (~> 1.1)
      tilt (~> 1.1)
    tilt (1.4.1)

PLATFORMS
  ruby

DEPENDENCIES
  sass
  sinatra (= 1.1.0)

BUNDLED WITH
   1.11.2
